PATH
  remote: .
  specs:
    active_merchant_square (1.0.0)
      activemerchant (~> 1.66)

GEM
  remote: https://rubygems.org/
  specs:
    activemerchant (1.66.0)
      activesupport (>= 3.2.14, < 6.x)
      builder (>= 2.1.2, < 4.0.0)
      i18n (>= 0.6.9)
      nokogiri (~> 1.4)
    activesupport (5.1.0)
      concurrent-ruby (~> 1.0, >= 1.0.2)
      i18n (~> 0.7)
      minitest (~> 5.1)
      tzinfo (~> 1.1)
    builder (3.2.3)
    concurrent-ruby (1.0.5)
    i18n (0.8.1)
    metaclass (0.0.4)
    mini_portile2 (2.1.0)
    minitest (5.10.2)
    mocha (1.2.1)
      metaclass (~> 0.0.1)
    nokogiri (1.7.2)
      mini_portile2 (~> 2.1.0)
    power_assert (1.0.2)
    rake (10.5.0)
    test-unit (3.2.3)
      power_assert
    thread_safe (0.3.6)
    tzinfo (1.2.3)
      thread_safe (~> 0.1)

PLATFORMS
  ruby

DEPENDENCIES
  active_merchant_square!
  bundler (~> 1.14)
  mocha (~> 1)
  rake (~> 10.0)
  test-unit (~> 3)

BUNDLED WITH
   1.14.6
