GEM
  remote: https://rubygems.org/
  specs:
    active_merchant_square (1.0.0)
      activemerchant (~> 1.66)
    activemerchant (1.66.0)
      activesupport (>= 3.2.14, < 6.x)
      builder (>= 2.1.2, < 4.0.0)
      i18n (>= 0.6.9)
      nokogiri (~> 1.4)
    activesupport (5.1.1)
      concurrent-ruby (~> 1.0, >= 1.0.2)
      i18n (~> 0.7)
      minitest (~> 5.1)
      tzinfo (~> 1.1)
    builder (3.2.3)
    concurrent-ruby (1.0.5)
    daemons (1.2.4)
    dotenv (2.1.0)
    eventmachine (1.2.3)
    i18n (0.8.4)
    mini_portile2 (2.2.0)
    minitest (5.10.2)
    mustermann (1.0.0)
    nokogiri (1.8.0)
      mini_portile2 (~> 2.2.0)
    rack (2.0.3)
    rack-cache (1.7.0)
      rack (>= 0.4)
    rack-protection (2.0.0)
      rack
    sass (3.4.24)
    sinatra (2.0.0)
      mustermann (~> 1.0)
      rack (~> 2.0)
      rack-protection (= 2.0.0)
      tilt (~> 2.0)
    sprockets (3.7.1)
      concurrent-ruby (~> 1.0)
      rack (> 1, < 3)
    sprockets-helpers (1.2.1)
      sprockets (>= 2.2)
    thin (1.7.0)
      daemons (~> 1.0, >= 1.0.9)
      eventmachine (~> 1.0, >= 1.0.4)
      rack (>= 1, < 3)
    thread_safe (0.3.6)
    tilt (2.0.7)
    tzinfo (1.2.3)
      thread_safe (~> 0.1)

PLATFORMS
  ruby

DEPENDENCIES
  active_merchant_square
  dotenv
  rack-cache
  sass
  sinatra
  sprockets
  sprockets-helpers
  thin

BUNDLED WITH
   1.14.6
